GEM
  remote: https://rubygems.org/
  specs:
    swt (4.6.1.1)

PLATFORMS
  java

DEPENDENCIES
  swt

BUNDLED WITH
   1.15.4
